GEM
  remote: https://rubygems.org/
  specs:
    dotenv (0.11.0)
      dotenv-deployment (= 0.0.1)
    dotenv-deployment (0.0.1)
    foreman (0.63.0)
      dotenv (>= 0.7)
      thor (>= 0.13.6)
    mina (0.3.0)
      open4
      rake
    open4 (1.3.3)
    rake (10.3.1)
    thor (0.19.1)

PLATFORMS
  ruby

DEPENDENCIES
  foreman
  mina
